PATH
  remote: .
  specs:
    nanoci (0.3.0)
      bundler (~> 2.0)
      concurrent-ruby (~> 1.0)
      concurrent-ruby-edge (~> 0.4)
      docker-api (~> 2.0)
      grpc (>= 1.51, < 1.57)
      intake (~> 0.2)
      mail (~> 2.7)
      mongo (~> 2.18)
      precursor (~> 0.9)
      ruby-enum (~> 0.7)

GEM
  remote: https://rubygems.org/
  specs:
    ast (2.4.3)
    bson (5.0.2)
    code-scanning-rubocop (0.6.1)
      rubocop (~> 1.0)
    concurrent-ruby (1.1.10)
    concurrent-ruby-edge (0.6.0)
      concurrent-ruby (~> 1.1.6)
    concurrent-ruby-ext (1.1.10)
      concurrent-ruby (= 1.1.10)
    date (3.4.1)
    diff-lcs (1.6.1)
    docile (1.4.1)
    docker-api (2.4.0)
      excon (>= 0.64.0)
      multi_json
    excon (1.2.5)
      logger
    google-protobuf (3.25.6)
    googleapis-common-protos-types (1.19.0)
      google-protobuf (>= 3.18, < 5.a)
    grpc (1.56.2)
      google-protobuf (~> 3.23)
      googleapis-common-protos-types (~> 1.0)
    grpc-tools (1.71.0)
    i18n (1.14.7)
      concurrent-ruby (~> 1.0)
    immutable-ruby (0.1.0)
      concurrent-ruby (~> 1.1)
      sorted_set (~> 1.0)
    intake (0.3.0)
      concurrent-ruby (~> 1.1.0)
      concurrent-ruby-ext (~> 1.1.0)
      immutable-ruby (~> 0.1.0)
    json (2.10.2)
    language_server-protocol (3.17.0.4)
    lint_roller (1.1.0)
    logger (1.7.0)
    mail (2.8.1)
      mini_mime (>= 0.1.1)
      net-imap
      net-pop
      net-smtp
    mini_mime (1.1.5)
    mongo (2.21.0)
      bson (>= 4.14.1, < 6.0.0)
    multi_json (1.15.0)
    net-imap (0.5.6)
      date
      net-protocol
    net-pop (0.1.2)
      net-protocol
    net-protocol (0.2.2)
      timeout
    net-smtp (0.5.1)
      net-protocol
    optparse (0.4.0)
    parallel (1.26.3)
    parser (3.3.7.4)
      ast (~> 2.4.1)
      racc
    precursor (0.9.0)
      optparse (~> 0.4.0)
    prism (1.4.0)
    racc (1.8.1)
    rainbow (3.1.1)
    rake (13.2.1)
    rbtree (0.4.6)
    regexp_parser (2.10.0)
    rspec (3.13.0)
      rspec-core (~> 3.13.0)
      rspec-expectations (~> 3.13.0)
      rspec-mocks (~> 3.13.0)
    rspec-core (3.13.3)
      rspec-support (~> 3.13.0)
    rspec-expectations (3.13.3)
      diff-lcs (>= 1.2.0, < 2.0)
      rspec-support (~> 3.13.0)
    rspec-mocks (3.13.2)
      diff-lcs (>= 1.2.0, < 2.0)
      rspec-support (~> 3.13.0)
    rspec-support (3.13.2)
    rubocop (1.75.2)
      json (~> 2.3)
      language_server-protocol (~> 3.17.0.2)
      lint_roller (~> 1.1.0)
      parallel (~> 1.10)
      parser (>= 3.3.0.2)
      rainbow (>= 2.2.2, < 4.0)
      regexp_parser (>= 2.9.3, < 3.0)
      rubocop-ast (>= 1.44.0, < 2.0)
      ruby-progressbar (~> 1.7)
      unicode-display_width (>= 2.4.0, < 4.0)
    rubocop-ast (1.44.1)
      parser (>= 3.3.7.2)
      prism (~> 1.4)
    ruby-enum (0.9.0)
      i18n
    ruby-progressbar (1.13.0)
    set (1.1.1)
    simplecov (0.22.0)
      docile (~> 1.1)
      simplecov-html (~> 0.11)
      simplecov_json_formatter (~> 0.1)
    simplecov-html (0.13.1)
    simplecov_json_formatter (0.1.4)
    sorted_set (1.0.3)
      rbtree
      set (~> 1.0)
    timeout (0.4.3)
    unicode-display_width (3.1.4)
      unicode-emoji (~> 4.0, >= 4.0.4)
    unicode-emoji (4.0.4)

PLATFORMS
  ruby
  x64-mingw32
  x86_64-linux

DEPENDENCIES
  code-scanning-rubocop
  grpc-tools
  nanoci!
  rake
  rspec
  rspec-mocks
  rubocop
  simplecov

BUNDLED WITH
   2.4.22
