PATH
  remote: .
  specs:
    nanoci (0.1.0)
      bundler (~> 2.0)
      concurrent-ruby (~> 1.0)
      concurrent-ruby-edge (~> 0.4)
      grpc (~> 1.32.0)
      logging (~> 2.2)
      mail (~> 2.7)
      mongo (~> 2.5)
      ruby-enum (~> 0.7)

GEM
  remote: https://rubygems.org/
  specs:
    bson (4.11.1)
    concurrent-ruby (1.1.7)
    concurrent-ruby-edge (0.6.0)
      concurrent-ruby (~> 1.1.6)
    diff-lcs (1.4.4)
    docile (1.3.2)
    google-protobuf (3.14.0)
    google-protobuf (3.14.0-x64-mingw32)
    googleapis-common-protos-types (1.0.5)
      google-protobuf (~> 3.11)
    grpc (1.32.0)
      google-protobuf (~> 3.13)
      googleapis-common-protos-types (~> 1.0)
    grpc (1.32.0-x64-mingw32)
      google-protobuf (~> 3.13)
      googleapis-common-protos-types (~> 1.0)
    grpc-tools (1.16.0)
    i18n (1.8.5)
      concurrent-ruby (~> 1.0)
    little-plugger (1.1.4)
    logging (2.3.0)
      little-plugger (~> 1.1)
      multi_json (~> 1.14)
    mail (2.7.1)
      mini_mime (>= 0.1.1)
    mini_mime (1.0.2)
    mongo (2.14.0)
      bson (>= 4.8.2, < 5.0.0)
    multi_json (1.15.0)
    rake (13.0.1)
    rspec (3.10.0)
      rspec-core (~> 3.10.0)
      rspec-expectations (~> 3.10.0)
      rspec-mocks (~> 3.10.0)
    rspec-core (3.10.0)
      rspec-support (~> 3.10.0)
    rspec-expectations (3.10.0)
      diff-lcs (>= 1.2.0, < 2.0)
      rspec-support (~> 3.10.0)
    rspec-mocks (3.10.0)
      diff-lcs (>= 1.2.0, < 2.0)
      rspec-support (~> 3.10.0)
    rspec-support (3.10.0)
    ruby-enum (0.8.0)
      i18n
    simplecov (0.20.0)
      docile (~> 1.1)
      simplecov-html (~> 0.11)
      simplecov_json_formatter (~> 0.1)
    simplecov-html (0.12.3)
    simplecov_json_formatter (0.1.2)

PLATFORMS
  ruby
  x64-mingw32
  x86_64-linux

DEPENDENCIES
  grpc-tools (= 1.16.0)
  nanoci!
  rake (~> 13.0)
  rspec (~> 3.0)
  rspec-mocks (~> 3.7)
  simplecov (~> 0.15)

BUNDLED WITH
   2.1.4
