PATH
  remote: .
  specs:
    nanoci (0.3.0)
      bundler (~> 2.0)
      concurrent-ruby (~> 1.0)
      concurrent-ruby-edge (~> 0.4)
      docker-api (~> 2.0)
      grpc (>= 1.51, < 1.57)
      intake (~> 0.2)
      mail (~> 2.7)
      mongo (~> 2.18)
      precursor (~> 0.9)
      ruby-enum (~> 0.7)

GEM
  remote: https://rubygems.org/
  specs:
    ast (2.4.2)
    bson (4.15.0)
    code-scanning-rubocop (0.6.1)
      rubocop (~> 1.0)
    concurrent-ruby (1.1.10)
    concurrent-ruby-edge (0.6.0)
      concurrent-ruby (~> 1.1.6)
    concurrent-ruby-ext (1.1.10)
      concurrent-ruby (= 1.1.10)
    concurrent-ruby-ext (1.1.10-x64-mingw32)
      concurrent-ruby (= 1.1.10)
    date (3.3.4)
    diff-lcs (1.5.0)
    docile (1.4.0)
    docker-api (2.2.0)
      excon (>= 0.47.0)
      multi_json
    excon (0.105.0)
    google-protobuf (3.25.0)
    google-protobuf (3.25.0-x64-mingw32)
    google-protobuf (3.25.0-x86_64-linux)
    googleapis-common-protos-types (1.10.0)
      google-protobuf (~> 3.18)
    grpc (1.56.2)
      google-protobuf (~> 3.23)
      googleapis-common-protos-types (~> 1.0)
    grpc (1.56.2-x64-mingw32)
      google-protobuf (~> 3.23)
      googleapis-common-protos-types (~> 1.0)
    grpc (1.56.2-x86_64-linux)
      google-protobuf (~> 3.23)
      googleapis-common-protos-types (~> 1.0)
    grpc-tools (1.59.2)
    i18n (1.14.1)
      concurrent-ruby (~> 1.0)
    immutable-ruby (0.1.0)
      concurrent-ruby (~> 1.1)
      sorted_set (~> 1.0)
    intake (0.3.0)
      concurrent-ruby (~> 1.1.0)
      concurrent-ruby-ext (~> 1.1.0)
      immutable-ruby (~> 0.1.0)
    json (2.6.3)
    language_server-protocol (3.17.0.3)
    mail (2.8.1)
      mini_mime (>= 0.1.1)
      net-imap
      net-pop
      net-smtp
    mini_mime (1.1.5)
    mongo (2.19.2)
      bson (>= 4.14.1, < 5.0.0)
    multi_json (1.15.0)
    net-imap (0.4.5)
      date
      net-protocol
    net-pop (0.1.2)
      net-protocol
    net-protocol (0.2.2)
      timeout
    net-smtp (0.4.0)
      net-protocol
    optparse (0.4.0)
    parallel (1.23.0)
    parser (3.2.2.4)
      ast (~> 2.4.1)
      racc
    precursor (0.9.0)
      optparse (~> 0.4.0)
    prism (0.17.1)
    racc (1.7.3)
    rainbow (3.1.1)
    rake (13.1.0)
    rbtree (0.4.6)
    regexp_parser (2.8.2)
    rexml (3.2.8)
      strscan (>= 3.0.9)
    rspec (3.12.0)
      rspec-core (~> 3.12.0)
      rspec-expectations (~> 3.12.0)
      rspec-mocks (~> 3.12.0)
    rspec-core (3.12.2)
      rspec-support (~> 3.12.0)
    rspec-expectations (3.12.3)
      diff-lcs (>= 1.2.0, < 2.0)
      rspec-support (~> 3.12.0)
    rspec-mocks (3.12.6)
      diff-lcs (>= 1.2.0, < 2.0)
      rspec-support (~> 3.12.0)
    rspec-support (3.12.1)
    rubocop (1.57.2)
      json (~> 2.3)
      language_server-protocol (>= 3.17.0)
      parallel (~> 1.10)
      parser (>= 3.2.2.4)
      rainbow (>= 2.2.2, < 4.0)
      regexp_parser (>= 1.8, < 3.0)
      rexml (>= 3.2.5, < 4.0)
      rubocop-ast (>= 1.28.1, < 2.0)
      ruby-progressbar (~> 1.7)
      unicode-display_width (>= 2.4.0, < 3.0)
    rubocop-ast (1.30.0)
      parser (>= 3.2.1.0)
    ruby-enum (0.9.0)
      i18n
    ruby-lsp (0.12.3)
      language_server-protocol (~> 3.17.0)
      prism (>= 0.17.1, < 0.18)
      sorbet-runtime (>= 0.5.5685)
    ruby-lsp-rspec (0.1.5)
      ruby-lsp (~> 0.12.0)
    ruby-progressbar (1.13.0)
    set (1.0.3)
    simplecov (0.22.0)
      docile (~> 1.1)
      simplecov-html (~> 0.11)
      simplecov_json_formatter (~> 0.1)
    simplecov-html (0.12.3)
    simplecov_json_formatter (0.1.4)
    sorbet-runtime (0.5.11139)
    sorted_set (1.0.3)
      rbtree
      set (~> 1.0)
    strscan (3.1.0)
    timeout (0.4.1)
    unicode-display_width (2.5.0)

PLATFORMS
  ruby
  x64-mingw32
  x86_64-linux

DEPENDENCIES
  code-scanning-rubocop
  grpc-tools
  nanoci!
  rake
  rspec
  rspec-mocks
  rubocop
  ruby-lsp-rspec
  simplecov

BUNDLED WITH
   2.4.22
