PATH
  remote: .
  specs:
    nanoci (0.1.0)
      bundler (~> 1.15)
      concurrent-ruby (~> 1.0)
      concurrent-ruby-edge (~> 0.4)
      grpc (~> 1.16.0)
      logging (~> 2.2)
      mail (~> 2.7)
      mongo (~> 2.5)
      ruby-enum (~> 0.7)

GEM
  remote: https://rubygems.org/
  specs:
    bson (4.3.0)
    concurrent-ruby (1.1.4)
    concurrent-ruby-edge (0.4.1)
      concurrent-ruby (~> 1.1.1)
    diff-lcs (1.3)
    docile (1.3.0)
    google-protobuf (3.6.1)
    google-protobuf (3.6.1-x64-mingw32)
    googleapis-common-protos-types (1.0.2)
      google-protobuf (~> 3.0)
    grpc (1.16.0)
      google-protobuf (~> 3.1)
      googleapis-common-protos-types (~> 1.0.0)
    grpc (1.16.0-x64-mingw32)
      google-protobuf (~> 3.1)
      googleapis-common-protos-types (~> 1.0.0)
    grpc-tools (1.16.0)
    i18n (1.5.1)
      concurrent-ruby (~> 1.0)
    json (2.1.0)
    little-plugger (1.1.4)
    logging (2.2.2)
      little-plugger (~> 1.1)
      multi_json (~> 1.10)
    mail (2.7.1)
      mini_mime (>= 0.1.1)
    mini_mime (1.0.1)
    mongo (2.6.2)
      bson (>= 4.3.0, < 5.0.0)
    multi_json (1.13.1)
    rake (12.3.1)
    rspec (3.7.0)
      rspec-core (~> 3.7.0)
      rspec-expectations (~> 3.7.0)
      rspec-mocks (~> 3.7.0)
    rspec-core (3.7.1)
      rspec-support (~> 3.7.0)
    rspec-expectations (3.7.0)
      diff-lcs (>= 1.2.0, < 2.0)
      rspec-support (~> 3.7.0)
    rspec-mocks (3.7.0)
      diff-lcs (>= 1.2.0, < 2.0)
      rspec-support (~> 3.7.0)
    rspec-support (3.7.1)
    ruby-enum (0.7.2)
      i18n
    simplecov (0.16.1)
      docile (~> 1.1)
      json (>= 1.8, < 3)
      simplecov-html (~> 0.10.0)
    simplecov-html (0.10.2)

PLATFORMS
  ruby
  x64-mingw32
  x86_64-linux

DEPENDENCIES
  grpc-tools (= 1.16.0)
  nanoci!
  rake (~> 12.0)
  rspec (~> 3.0)
  rspec-mocks (~> 3.7)
  simplecov (~> 0.15)

BUNDLED WITH
   1.16.1
