PATH
  remote: .
  specs:
    nanoci (0.1.0)
      bundler (~> 1.15)
      eventmachine (~> 1.2)
      logging (~> 2.2)
      mail (~> 2.7)
      mongo (~> 2.5)
      optimist (~> 3.0)

GEM
  remote: https://rubygems.org/
  specs:
    bson (4.3.0)
    diff-lcs (1.3)
    docile (1.3.0)
    eventmachine (1.2.7-x64-mingw32)
    json (2.1.0)
    little-plugger (1.1.4)
    logging (2.2.2)
      little-plugger (~> 1.1)
      multi_json (~> 1.10)
    mail (2.7.0)
      mini_mime (>= 0.1.1)
    mini_mime (1.0.1)
    mongo (2.6.2)
      bson (>= 4.3.0, < 5.0.0)
    multi_json (1.13.1)
    optimist (3.0.0)
    rake (12.3.1)
    rspec (3.7.0)
      rspec-core (~> 3.7.0)
      rspec-expectations (~> 3.7.0)
      rspec-mocks (~> 3.7.0)
    rspec-core (3.7.1)
      rspec-support (~> 3.7.0)
    rspec-expectations (3.7.0)
      diff-lcs (>= 1.2.0, < 2.0)
      rspec-support (~> 3.7.0)
    rspec-mocks (3.7.0)
      diff-lcs (>= 1.2.0, < 2.0)
      rspec-support (~> 3.7.0)
    rspec-support (3.7.1)
    simplecov (0.16.1)
      docile (~> 1.1)
      json (>= 1.8, < 3)
      simplecov-html (~> 0.10.0)
    simplecov-html (0.10.2)

PLATFORMS
  x64-mingw32

DEPENDENCIES
  nanoci!
  rake (~> 12.0)
  rspec (~> 3.0)
  rspec-mocks (~> 3.7)
  simplecov (~> 0.15)

BUNDLED WITH
   1.16.1
