PATH
  remote: .
  specs:
    nanoci (0.1.0)
      bundler (~> 2.0)
      concurrent-ruby (~> 1.0)
      concurrent-ruby-edge (~> 0.4)
      grpc (~> 1.43.1)
      logging (~> 2.2)
      mail (~> 2.7)
      mongo (~> 2.5)
      precursor (~> 0.5)
      ruby-enum (~> 0.7)

GEM
  remote: https://rubygems.org/
  specs:
    ast (2.4.2)
    bson (4.14.0)
    code-scanning-rubocop (0.5.0)
      rubocop (~> 1.0)
    concurrent-ruby (1.1.9)
    concurrent-ruby-edge (0.6.0)
      concurrent-ruby (~> 1.1.6)
    diff-lcs (1.5.0)
    docile (1.4.0)
    google-protobuf (3.19.3)
    googleapis-common-protos-types (1.3.0)
      google-protobuf (~> 3.14)
    grpc (1.43.1)
      google-protobuf (~> 3.18)
      googleapis-common-protos-types (~> 1.0)
    grpc-tools (1.43.1)
    i18n (1.8.11)
      concurrent-ruby (~> 1.0)
    little-plugger (1.1.4)
    logging (2.3.0)
      little-plugger (~> 1.1)
      multi_json (~> 1.14)
    mail (2.7.1)
      mini_mime (>= 0.1.1)
    mini_mime (1.1.2)
    mongo (2.17.0)
      bson (>= 4.8.2, < 5.0.0)
    multi_json (1.15.0)
    optparse (0.2.0)
    parallel (1.21.0)
    parser (3.1.0.0)
      ast (~> 2.4.1)
    precursor (0.5.1)
      optparse (~> 0.2.0)
    rainbow (3.1.1)
    rake (13.0.6)
    regexp_parser (2.2.0)
    rexml (3.2.5)
    rspec (3.10.0)
      rspec-core (~> 3.10.0)
      rspec-expectations (~> 3.10.0)
      rspec-mocks (~> 3.10.0)
    rspec-core (3.10.1)
      rspec-support (~> 3.10.0)
    rspec-expectations (3.10.2)
      diff-lcs (>= 1.2.0, < 2.0)
      rspec-support (~> 3.10.0)
    rspec-mocks (3.10.2)
      diff-lcs (>= 1.2.0, < 2.0)
      rspec-support (~> 3.10.0)
    rspec-support (3.10.3)
    rubocop (1.25.0)
      parallel (~> 1.10)
      parser (>= 3.1.0.0)
      rainbow (>= 2.2.2, < 4.0)
      regexp_parser (>= 1.8, < 3.0)
      rexml
      rubocop-ast (>= 1.15.1, < 2.0)
      ruby-progressbar (~> 1.7)
      unicode-display_width (>= 1.4.0, < 3.0)
    rubocop-ast (1.15.1)
      parser (>= 3.0.1.1)
    ruby-enum (0.9.0)
      i18n
    ruby-progressbar (1.11.0)
    simplecov (0.21.2)
      docile (~> 1.1)
      simplecov-html (~> 0.11)
      simplecov_json_formatter (~> 0.1)
    simplecov-html (0.12.3)
    simplecov_json_formatter (0.1.3)
    unicode-display_width (2.1.0)

PLATFORMS
  ruby
  x64-mingw32
  x86_64-linux

DEPENDENCIES
  code-scanning-rubocop (~> 0.5)
  grpc-tools (= 1.43.1)
  nanoci!
  rake (~> 13.0)
  rspec (~> 3.0)
  rspec-mocks (~> 3.7)
  rubocop (~> 1.20)
  simplecov (~> 0.15)

BUNDLED WITH
   2.2.22
